PATH
  remote: .
  specs:
    hiredis (0.4.1)

GEM
  remote: http://rubygems.org/
  specs:
    rake (0.9.2)
    rake-compiler (0.7.9)
      rake

PLATFORMS
  ruby

DEPENDENCIES
  hiredis!
  rake-compiler (~> 0.7.1)
