GEM
  remote: http://rubygems.org/
  specs:
    rake (0.8.7)
    rake-compiler (0.7.1)
      rake (>= 0.8.3, < 0.9)

PLATFORMS
  ruby

DEPENDENCIES
  rake-compiler (= 0.7.1)
